PATH
  remote: .
  specs:
    opener-chained-daemon (3.3.24)
      activesupport
      google-cloud-translate (~> 1.0)
      hashie
      httpclient
      oni (>= 4.3.1)
      opener-callback-handler (~> 1.0)
      opener-daemons (~> 2.7.2)
      opener-language-identifier (>= 4.4.3)
      opener-opinion-detector-basic (>= 3.2.8)
      opener-polarity-tagger (>= 3.5.5)
      opener-property-tagger (>= 3.4.3)
      rack-timeout
      roda

GEM
  remote: https://rubygems.org/
  specs:
    activesupport (6.1.7)
      concurrent-ruby (~> 1.0, >= 1.0.2)
      i18n (>= 1.6, < 2)
      minitest (>= 5.1)
      tzinfo (~> 2.0)
      zeitwerk (~> 2.3)
    addressable (2.8.1)
      public_suffix (>= 2.0.2, < 6.0)
    ansi (1.5.0)
    ast (2.4.2)
    awesome_print (1.9.2)
    aws-eventstream (1.2.0)
    aws-sdk (2.11.632)
      aws-sdk-resources (= 2.11.632)
    aws-sdk-core (2.11.632)
      aws-sigv4 (~> 1.0)
      jmespath (~> 1.0)
    aws-sdk-resources (2.11.632)
      aws-sdk-core (= 2.11.632)
    aws-sigv4 (1.5.1)
      aws-eventstream (~> 1, >= 1.0.2)
    builder (3.2.4)
    cliver (0.3.2)
    coderay (1.1.3)
    concurrent-ruby (1.1.10)
    detect_language (1.1.2)
    diff-lcs (1.5.0)
    faraday (0.17.5)
      multipart-post (>= 1.2, < 3)
    ffi (1.15.5-java)
    google-cloud-core (1.6.0)
      google-cloud-env (~> 1.0)
      google-cloud-errors (~> 1.0)
    google-cloud-env (1.6.0)
      faraday (>= 0.17.3, < 3.0)
    google-cloud-errors (1.3.0)
    google-cloud-translate (1.4.0)
      faraday (~> 0.13)
      google-cloud-core (~> 1.2)
      googleauth (>= 0.6.2, < 0.10.0)
    googleauth (0.9.0)
      faraday (~> 0.12)
      jwt (>= 1.4, < 3.0)
      memoist (~> 0.16)
      multi_json (~> 1.11)
      os (>= 0.9, < 2.0)
      signet (~> 0.7)
    hashie (5.0.0)
    httpclient (2.8.3)
    i18n (1.12.0)
      concurrent-ruby (~> 1.0)
    jmespath (1.6.1)
    json (2.6.2)
    json (2.6.2-java)
    json-schema (3.0.0)
      addressable (>= 2.8)
    jwt (2.5.0)
    memoist (0.16.2)
    method_source (1.0.0)
    mini_portile2 (2.8.0)
    minitest (5.15.0)
    multi_json (1.15.0)
    multipart-post (2.2.3)
    newrelic_rpm (3.18.1.330)
    nio4r (2.5.8)
    nio4r (2.5.8-java)
    nokogiri (1.13.8)
      mini_portile2 (~> 2.8.0)
      racc (~> 1.4)
    nokogiri (1.13.8-java)
      racc (~> 1.4)
    oga (1.3.1)
      ast
      ruby-ll (~> 2.1)
    oga (1.3.1-java)
      ast
      ruby-ll (~> 2.1)
    oni (4.3.1)
    opener-callback-handler (1.1.0)
      addressable
      aws-sdk (~> 2.0)
      httpclient
    opener-core (2.5.0)
      httpclient
      slop (~> 3.0)
    opener-daemons (2.7.3)
      aws-sdk (~> 2.0)
      httpclient (~> 2.0, >= 2.5.3.3)
      json-schema
      newrelic_rpm
      oga (~> 1.0)
      oni (~> 4.0)
      opener-callback-handler (~> 1.1)
      opener-core (~> 2.3)
      rollbar (~> 3.0)
      slop (~> 3.0)
    opener-language-identifier (4.4.3)
      builder
      detect_language
      newrelic_rpm
      nokogiri
      opener-daemons (~> 2.5, >= 2.5.6)
      opener-webservice (~> 2.1)
      slop (~> 3.5)
    opener-opinion-detector-basic (3.2.8)
      activesupport
      hashie
      nokogiri
      opener-core (~> 2.2)
      opener-daemons (~> 2.2)
      opener-webservice (~> 2.1)
    opener-polarity-tagger (3.5.5)
      activesupport
      cliver
      hashie
      nokogiri
      opener-core (~> 2.2)
      opener-daemons (~> 2.2)
      opener-webservice (~> 2.1)
      rake
      slop (~> 3.5)
    opener-property-tagger (3.4.3)
      activesupport
      hashie
      httpclient
      nokogiri
      opener-core (~> 2.2)
      opener-daemons (~> 2.2)
      opener-webservice (~> 2.1)
    opener-webservice (2.2.1)
      aws-sdk (~> 2.0)
      httpclient (~> 2.0, >= 2.5.3.3)
      json
      newrelic_rpm (~> 3.0)
      opener-callback-handler (~> 1.0)
      opener-core (~> 2.3)
      puma
      rollbar (~> 3.0)
      sinatra (~> 1.4.3)
      slop (~> 3.0)
    os (1.1.4)
    pry (0.14.1)
      coderay (~> 1.1)
      method_source (~> 1.0)
    pry (0.14.1-java)
      coderay (~> 1.1)
      method_source (~> 1.0)
      spoon (~> 0.0)
    public_suffix (4.0.7)
    puma (5.6.5)
      nio4r (~> 2.0)
    puma (5.6.5-java)
      nio4r (~> 2.0)
    racc (1.6.0)
    racc (1.6.0-java)
    rack (1.6.13)
    rack-protection (1.5.5)
      rack
    rack-test (2.0.2)
      rack (>= 1.3)
    rack-timeout (0.6.3)
    rake (13.0.6)
    roda (3.60.0)
      rack
    rollbar (3.3.1)
    rspec (3.11.0)
      rspec-core (~> 3.11.0)
      rspec-expectations (~> 3.11.0)
      rspec-mocks (~> 3.11.0)
    rspec-core (3.11.0)
      rspec-support (~> 3.11.0)
    rspec-expectations (3.11.1)
      diff-lcs (>= 1.2.0, < 2.0)
      rspec-support (~> 3.11.0)
    rspec-mocks (3.11.1)
      diff-lcs (>= 1.2.0, < 2.0)
      rspec-support (~> 3.11.0)
    rspec-support (3.11.1)
    ruby-ll (2.1.2)
      ansi
      ast
    ruby-ll (2.1.2-java)
      ansi
      ast
    shotgun (0.9.2)
      rack (>= 1.0)
    signet (0.16.1)
      addressable (~> 2.8)
      faraday (>= 0.17.5, < 3.0)
      jwt (>= 1.5, < 3.0)
      multi_json (~> 1.10)
    sinatra (1.4.8)
      rack (~> 1.5)
      rack-protection (~> 1.4)
      tilt (>= 1.3, < 3)
    slop (3.6.0)
    spoon (0.0.6)
      ffi
    tilt (2.0.11)
    tzinfo (2.0.5)
      concurrent-ruby (~> 1.0)
    zeitwerk (2.6.0)

PLATFORMS
  java
  ruby

DEPENDENCIES
  awesome_print
  bundler (~> 1.3)
  opener-chained-daemon!
  opener-daemons
  opener-language-identifier
  opener-opinion-detector-basic
  opener-polarity-tagger
  opener-property-tagger
  pry
  rack-test
  rake
  rspec
  shotgun

BUNDLED WITH
   1.17.3
