PATH
  remote: .
  specs:
    opener-chained-daemon (3.0.5)
      activesupport
      faraday
      google-cloud-translate (~> 1.0)
      hashie
      httpclient
      opener-callback-handler (~> 1.0)
      opener-daemons (~> 2.7.2)
      opener-language-identifier (>= 4.4.0)
      opener-opinion-detector-basic (>= 3.2.3)
      opener-polarity-tagger (>= 3.2.7)
      opener-pos-tagger (>= 3.2.0)
      opener-property-tagger (>= 3.3.4)
      opener-tokenizer (>= 2.2.0)
      rack-timeout
      roda

GEM
  remote: https://rubygems.org/
  specs:
    activesupport (6.0.3.4)
      concurrent-ruby (~> 1.0, >= 1.0.2)
      i18n (>= 0.7, < 2)
      minitest (~> 5.1)
      tzinfo (~> 1.1)
      zeitwerk (~> 2.2, >= 2.2.2)
    addressable (2.7.0)
      public_suffix (>= 2.0.2, < 5.0)
    ansi (1.5.0)
    archive (0.0.6)
      ffi (~> 1.9.3)
    ast (2.4.1)
    awesome_print (1.8.0)
    aws-eventstream (1.1.0)
    aws-sdk (2.11.623)
      aws-sdk-resources (= 2.11.623)
    aws-sdk-core (2.11.623)
      aws-sigv4 (~> 1.0)
      jmespath (~> 1.0)
    aws-sdk-resources (2.11.623)
      aws-sdk-core (= 2.11.623)
    aws-sigv4 (1.2.2)
      aws-eventstream (~> 1, >= 1.0.2)
    builder (3.2.4)
    cliver (0.3.2)
    coderay (1.1.3)
    concurrent-ruby (1.1.7)
    detect_language (1.1.2)
    diff-lcs (1.4.4)
    faraday (0.17.3)
      multipart-post (>= 1.2, < 3)
    ffi (1.9.25)
    ffi (1.9.25-java)
    google-cloud-core (1.5.0)
      google-cloud-env (~> 1.0)
      google-cloud-errors (~> 1.0)
    google-cloud-env (1.4.0)
      faraday (>= 0.17.3, < 2.0)
    google-cloud-errors (1.0.1)
    google-cloud-translate (1.4.0)
      faraday (~> 0.13)
      google-cloud-core (~> 1.2)
      googleauth (>= 0.6.2, < 0.10.0)
    googleauth (0.9.0)
      faraday (~> 0.12)
      jwt (>= 1.4, < 3.0)
      memoist (~> 0.16)
      multi_json (~> 1.11)
      os (>= 0.9, < 2.0)
      signet (~> 0.7)
    hashie (4.1.0)
    httpclient (2.8.3)
    i18n (1.8.5)
      concurrent-ruby (~> 1.0)
    jmespath (1.4.0)
    json (2.3.1)
    json (2.3.1-java)
    json-schema (2.8.1)
      addressable (>= 2.4)
    jwt (2.2.2)
    memoist (0.16.2)
    method_source (1.0.0)
    mini_portile2 (2.4.0)
    minitest (5.14.2)
    multi_json (1.15.0)
    multipart-post (2.1.1)
    newrelic_rpm (6.13.1)
    nio4r (2.5.4)
    nio4r (2.5.4-java)
    nokogiri (1.10.10)
      mini_portile2 (~> 2.4.0)
    nokogiri (1.10.10-java)
    oga (1.3.1)
      ast
      ruby-ll (~> 2.1)
    oga (1.3.1-java)
      ast
      ruby-ll (~> 2.1)
    oni (4.1.2)
    opener-callback-handler (1.1.0)
      addressable
      aws-sdk (~> 2.0)
      httpclient
    opener-core (2.4.0)
      archive
      httpclient
      slop (~> 3.0)
    opener-daemons (2.7.2)
      aws-sdk (~> 2.0)
      httpclient (~> 2.0, >= 2.5.3.3)
      json-schema
      newrelic_rpm
      oga (~> 1.0)
      oni (~> 4.0)
      opener-callback-handler (~> 1.1)
      opener-core (~> 2.3)
      rollbar (~> 1.0)
      slop (~> 3.0)
    opener-language-identifier (4.4.0)
      builder
      detect_language
      newrelic_rpm
      nokogiri
      opener-daemons (~> 2.5, >= 2.5.6)
      opener-webservice (~> 2.1)
      slop (~> 3.5)
    opener-opinion-detector-basic (3.2.3)
      nokogiri
      opener-core (~> 2.2)
      opener-daemons (~> 2.2)
      opener-webservice (~> 2.1)
    opener-polarity-tagger (3.2.7)
      activesupport
      cliver
      hashie
      nokogiri
      opener-core (~> 2.2)
      opener-daemons (~> 2.2)
      opener-webservice (~> 2.1)
      rake
      slop (~> 3.5)
    opener-pos-tagger (3.2.0)
      nokogiri
      opener-core (~> 2.3)
      opener-daemons (~> 2.1)
      opener-pos-tagger-base (~> 2.0, >= 2.1.0)
      opener-pos-tagger-en-es (~> 2.0, >= 2.0.2)
      opener-webservice (~> 2.0)
      slop (~> 3.5)
    opener-pos-tagger-base (2.2.1)
      cliver
      rake
    opener-pos-tagger-en-es (2.0.3)
      nokogiri
    opener-property-tagger (3.3.4)
      activesupport
      hashie
      httpclient
      nokogiri
      opener-core (~> 2.2)
      opener-daemons (~> 2.2)
      opener-webservice (~> 2.1)
    opener-tokenizer (2.2.0)
      nokogiri
      opener-core (~> 2.4)
      opener-daemons (~> 2.1)
      opener-tokenizer-base (~> 1.0)
      opener-webservice (~> 2.1)
      slop (~> 3.5)
    opener-tokenizer-base (1.0.0)
    opener-webservice (2.2.0)
      httpclient (~> 2.0, >= 2.5.3.3)
      json
      newrelic_rpm
      opener-callback-handler (~> 1.0)
      opener-core (~> 2.3)
      puma
      rollbar (~> 1.0)
      sinatra (~> 1.4.3)
      slop (~> 3.0)
    os (1.1.1)
    pry (0.13.1)
      coderay (~> 1.1)
      method_source (~> 1.0)
    pry (0.13.1-java)
      coderay (~> 1.1)
      method_source (~> 1.0)
      spoon (~> 0.0)
    public_suffix (4.0.6)
    puma (5.0.4)
      nio4r (~> 2.0)
    puma (5.0.4-java)
      nio4r (~> 2.0)
    rack (1.6.13)
    rack-protection (1.5.5)
      rack
    rack-test (1.1.0)
      rack (>= 1.0, < 3)
    rack-timeout (0.6.0)
    rake (13.0.1)
    roda (3.37.0)
      rack
    rollbar (1.5.3)
      multi_json (~> 1.3)
    rspec (3.10.0)
      rspec-core (~> 3.10.0)
      rspec-expectations (~> 3.10.0)
      rspec-mocks (~> 3.10.0)
    rspec-core (3.10.0)
      rspec-support (~> 3.10.0)
    rspec-expectations (3.10.0)
      diff-lcs (>= 1.2.0, < 2.0)
      rspec-support (~> 3.10.0)
    rspec-mocks (3.10.0)
      diff-lcs (>= 1.2.0, < 2.0)
      rspec-support (~> 3.10.0)
    rspec-support (3.10.0)
    ruby-ll (2.1.2)
      ansi
      ast
    ruby-ll (2.1.2-java)
      ansi
      ast
    shotgun (0.9.2)
      rack (>= 1.0)
    signet (0.14.0)
      addressable (~> 2.3)
      faraday (>= 0.17.3, < 2.0)
      jwt (>= 1.5, < 3.0)
      multi_json (~> 1.10)
    sinatra (1.4.8)
      rack (~> 1.5)
      rack-protection (~> 1.4)
      tilt (>= 1.3, < 3)
    slop (3.6.0)
    spoon (0.0.6)
      ffi
    thread_safe (0.3.6)
    thread_safe (0.3.6-java)
    tilt (2.0.10)
    tzinfo (1.2.8)
      thread_safe (~> 0.1)
    zeitwerk (2.4.1)

PLATFORMS
  java
  ruby

DEPENDENCIES
  awesome_print
  bundler (~> 1.3)
  opener-chained-daemon!
  opener-daemons
  opener-language-identifier
  opener-opinion-detector-basic
  opener-polarity-tagger
  opener-pos-tagger
  opener-property-tagger
  opener-tokenizer
  pry
  rack-test
  rake
  rspec
  shotgun

BUNDLED WITH
   1.17.3
